GIT
  remote: git://github.com/freelancing-god/thinking-sphinx.git
  revision: 644f57e
  branch: rails3
  specs:
    thinking-sphinx (2.0.0.rc2)
      activerecord (>= 3.0.0.rc)
      riddle (>= 1.0.12)

GIT
  remote: git://github.com/madebydna/database_cleaner.git
  revision: 04ba63b
  specs:
    database_cleaner (0.6.0.rc.2)

GEM
  remote: http://rubygems.org/
  specs:
    ZenTest (4.4.0)
    abstract (1.0.0)
    actionmailer (3.0.0)
      actionpack (= 3.0.0)
      mail (~> 2.2.5)
    actionpack (3.0.0)
      activemodel (= 3.0.0)
      activesupport (= 3.0.0)
      builder (~> 2.1.2)
      erubis (~> 2.6.6)
      i18n (~> 0.4.1)
      rack (~> 1.2.1)
      rack-mount (~> 0.6.12)
      rack-test (~> 0.5.4)
      tzinfo (~> 0.3.23)
    activemodel (3.0.0)
      activesupport (= 3.0.0)
      builder (~> 2.1.2)
      i18n (~> 0.4.1)
    activerecord (3.0.0)
      activemodel (= 3.0.0)
      activesupport (= 3.0.0)
      arel (~> 1.0.0)
      tzinfo (~> 0.3.23)
    activeresource (3.0.0)
      activemodel (= 3.0.0)
      activesupport (= 3.0.0)
    activesupport (3.0.0)
    addressable (2.2.1)
    annotate-models (1.0.4)
    arel (1.0.1)
      activesupport (~> 3.0.0)
    autotest (4.3.2)
    autotest-rails (4.1.0)
      ZenTest
    builder (2.1.2)
    compass (0.10.5)
      haml (>= 3.0.4)
    configuration (1.1.0)
    crack (0.1.8)
    diff-lcs (1.1.2)
    domainatrix (0.0.7)
      addressable
    erubis (2.6.6)
      abstract (>= 1.0.0)
    factory_girl (1.3.2)
    factory_girl_rails (1.0)
      factory_girl (~> 1.3)
      rails (>= 3.0.0.beta4)
    ffi (0.6.3)
      rake (>= 0.8.7)
    haml (3.0.18)
    haml-rails (0.2)
      haml (~> 3.0)
      rails (~> 3.0.0.rc)
    highline (1.6.1)
    httparty (0.6.1)
      crack (= 0.1.8)
    i18n (0.4.1)
    jquery-rails (0.1.2)
      rails (~> 3.0.0.rc)
    launchy (0.3.7)
      configuration (>= 0.0.5)
      rake (>= 0.8.1)
    mail (2.2.5)
      activesupport (>= 2.3.6)
      mime-types
      treetop (>= 1.4.5)
    mime-types (1.16)
    mysql2 (0.2.3)
    net-ssh (2.0.23)
    nokogiri (1.4.3.1)
    polyglot (0.3.1)
    rack (1.2.1)
    rack-mount (0.6.13)
      rack (>= 1.0.0)
    rack-test (0.5.4)
      rack (>= 1.0)
    rails (3.0.0)
      actionmailer (= 3.0.0)
      actionpack (= 3.0.0)
      activerecord (= 3.0.0)
      activeresource (= 3.0.0)
      activesupport (= 3.0.0)
      bundler (~> 1.0.0)
      railties (= 3.0.0)
    rails3-generators (0.13.0)
    railties (3.0.0)
      actionpack (= 3.0.0)
      activesupport (= 3.0.0)
      rake (>= 0.8.4)
      thor (~> 0.14.0)
    rake (0.8.7)
    rb-inotify (0.8.1)
      ffi (>= 0.5.0)
    remarkable (4.0.0.alpha4)
      rspec (>= 2.0.0.alpha11)
    remarkable_activemodel (4.0.0.alpha4)
      remarkable (~> 4.0.0.alpha4)
      rspec (>= 2.0.0.alpha11)
    riddle (1.1.0)
    rspec (2.0.0.beta.18)
      rspec-core (= 2.0.0.beta.18)
      rspec-expectations (= 2.0.0.beta.18)
      rspec-mocks (= 2.0.0.beta.18)
    rspec-core (2.0.0.beta.18)
    rspec-expectations (2.0.0.beta.18)
      diff-lcs (>= 1.1.2)
    rspec-mocks (2.0.0.beta.18)
    rspec-rails (2.0.0.beta.18)
      rspec (>= 2.0.0.beta.14)
      webrat (>= 0.7.0)
    spork (0.8.4)
    thor (0.14.0)
    treetop (1.4.8)
      polyglot (>= 0.3.1)
    tzinfo (0.3.23)
    webbynode (1.0.3)
      bundler (>= 0.9.26)
      domainatrix (>= 0.0.7)
      highline (>= 1.5.2)
      httparty (>= 0.4.5)
      launchy (>= 0.3.7)
      net-ssh (>= 2.0.20)
    webrat (0.7.1)
      nokogiri (>= 1.2.0)
      rack (>= 1.0)
      rack-test (>= 0.5.3)

PLATFORMS
  ruby

DEPENDENCIES
  ZenTest
  annotate-models
  autotest
  autotest-rails
  compass
  database_cleaner!
  factory_girl_rails
  haml
  haml-rails
  jquery-rails
  mysql2
  rails (= 3.0.0)
  rails3-generators
  rb-inotify
  remarkable_activemodel (>= 4.0.0.alpha4)
  rspec (= 2.0.0.beta.18)
  rspec-rails (= 2.0.0.beta.18)
  spork (= 0.8.4)
  thinking-sphinx!
  webbynode
